GEM
  remote: https://rubygems.org/
  specs:
    archive-tar-minitar (0.5.2)
    arr-pm (0.0.10)
      cabin (> 0)
    aws-sdk (1.66.0)
      aws-sdk-v1 (= 1.66.0)
    aws-sdk-v1 (1.66.0)
      json (~> 1.4)
      nokogiri (>= 1.4.4)
    backports (3.6.8)
    cabin (0.9.0)
    childprocess (0.6.1)
      ffi (~> 1.0, >= 1.0.11)
    clamp (1.0.1)
    deb-s3 (0.8.0)
      aws-sdk (~> 1.66)
      thor (~> 0.19.0)
    dotenv (2.2.0)
    ffi (1.9.17)
    fpm (1.8.1)
      archive-tar-minitar (= 0.5.2)
      arr-pm (~> 0.0.10)
      backports (>= 2.6.2)
      cabin (>= 0.6.0)
      childprocess
      clamp (~> 1.0.0)
      ffi
      json (>= 1.7.7, < 2.0)
      pleaserun (~> 0.0.24)
      ruby-xz
    insist (1.0.0)
    io-like (0.3.0)
    json (1.8.6)
    mini_portile2 (2.1.0)
    mustache (0.99.8)
    nokogiri (1.7.0.1)
      mini_portile2 (~> 2.1.0)
    pleaserun (0.0.28)
      cabin (> 0)
      clamp
      dotenv
      insist
      mustache (= 0.99.8)
      stud
    ruby-xz (0.2.3)
      ffi (~> 1.9)
      io-like (~> 0.3)
    stud (0.0.22)
    thor (0.19.4)

PLATFORMS
  ruby

DEPENDENCIES
  deb-s3
  fpm

BUNDLED WITH
   1.14.1
